GEM
  remote: https://rubygems.org/
  specs:
    puma (3.7.0)
    rack (2.0.1)
    ruby-ldap (0.9.19)

PLATFORMS
  ruby

DEPENDENCIES
  puma
  rack
  ruby-ldap

BUNDLED WITH
   1.10.5
